PATH
  remote: .
  specs:
    tag_helper (0.5.0)

GEM
  remote: http://rubygems.org/
  specs:
    ast (2.3.0)
    parallel (1.12.1)
    parser (2.4.0.2)
      ast (~> 2.3)
    power_assert (0.2.5)
    powerpack (0.1.1)
    rainbow (3.0.0)
    rake (10.4.2)
    rubocop (0.52.1)
      parallel (~> 1.10)
      parser (>= 2.4.0.2, < 3.0)
      powerpack (~> 0.1)
      rainbow (>= 2.2.2, < 4.0)
      ruby-progressbar (~> 1.7)
      unicode-display_width (~> 1.0, >= 1.0.1)
    ruby-progressbar (1.9.0)
    test-unit (3.1.5)
      power_assert
    unicode-display_width (1.3.0)

PLATFORMS
  ruby

DEPENDENCIES
  rake (~> 10.4, >= 10.4.2)
  rubocop (~> 0.52.1)
  tag_helper!
  test-unit (~> 3.1, >= 3.1.5)

BUNDLED WITH
   1.16.1
